PATH
  remote: ../simplemvc
  specs:
    simplemvc (0.0.1)
      erubis
      rack
      sqlite3

GEM
  remote: https://rubygems.org/
  specs:
    erubis (2.7.0)
    rack (1.5.2)
    sqlite3 (1.3.8)

PLATFORMS
  ruby

DEPENDENCIES
  simplemvc!
  sqlite3
